PATH
  remote: .
  specs:
    resque-cleaner (0.4.1)
      resque

GEM
  remote: https://rubygems.org/
  specs:
    connection_pool (2.4.0)
    json (2.6.3)
    minitest (5.18.0)
    mono_logger (1.1.2)
    multi_json (1.15.0)
    mustermann (2.0.2)
      ruby2_keywords (~> 0.0.1)
    rack (2.2.6.4)
    rack-protection (2.2.4)
      rack
    rack-test (2.1.0)
      rack (>= 1.3)
    rake (13.0.6)
    redis (5.0.6)
      redis-client (>= 0.9.0)
    redis-client (0.14.1)
      connection_pool
    redis-namespace (1.10.0)
      redis (>= 4)
    resque (2.5.0)
      mono_logger (~> 1.0)
      multi_json (~> 1.0)
      redis-namespace (~> 1.6)
      sinatra (>= 0.9.2)
    ruby2_keywords (0.0.5)
    sinatra (2.2.4)
      mustermann (~> 2.0)
      rack (~> 2.2)
      rack-protection (= 2.2.4)
      tilt (~> 2.0)
    tilt (2.1.0)
    timecop (0.9.6)

PLATFORMS
  x86_64-linux

DEPENDENCIES
  json
  minitest
  rack-test
  rake
  resque-cleaner!
  timecop

BUNDLED WITH
   2.4.10
